{
	"Manufacturer": "GE",
	"ManufacturersModelName": "DISCOVERY_MR750w",
	"AcquisitionNumber": 1,
	"InstitutionName": "CNS_WIML_W-wa",
	"DeviceSerialNumber": "000000000000gehc",
	"SoftwareVersions": "27_LX_MR_Software_release:DV25.1_R02_1649.a",
	"ScanningSequence": "EP_SE",
	"SequenceVariant": "NONE",
	"SeriesDescription": "DTI-40-PA",
	"BodyPartExamined": "HEAD",
	"ProtocolName": "DTI-40-PA",
	"ImageType": ["ORIGINAL", "PRIMARY", "OTHER"],
	"AcquisitionTime": "09:00:5.000000",
	"MagneticFieldStrength": 3,
	"FlipAngle": 90,
	"EchoTime": 0.1,
	"RepetitionTime": 16,
	"PhaseEncodingLines": 128,
	"ConversionSoftware": "dcm2niix",
	"ConversionSoftwareVersion": "v1.0.20170624 GCC5.4.0"
}
