{
	"Modality": "MR",
	"MagneticFieldStrength": 3,
	"ImagingFrequency": 127.768,
	"Manufacturer": "GE",
	"InternalPulseSequenceName": "EPI2",
	"ManufacturersModelName": "DISCOVERY MR750w",
	"InstitutionName": "CNS WIML W-wa",
	"DeviceSerialNumber": "000000000000gehc",
	"StationName": "GEHC",
	"BodyPartExamined": "HEAD",
	"PatientPosition": "HFS",
	"SoftwareVersions": "27\\LX\\MR Software release:DV25.1_R02_1649.a",
	"MRAcquisitionType": "2D",
	"SeriesDescription": "DTI-40-AP",
	"ProtocolName": "DTI-40-AP",
	"ScanningSequence": "EP\\SE",
	"SequenceVariant": "NONE",
	"ScanOptions": "SAT_GEMS\\EPI_GEMS\\ACC_GEMS\\FS",
	"ImageType": ["ORIGINAL", "PRIMARY", "OTHER"],
	"SeriesNumber": 5,
	"AcquisitionTime": "09:52:42.000000",
	"AcquisitionNumber": 1,
	"SliceThickness": 2,
	"SpacingBetweenSlices": 2,
	"SAR": 0.0617191,
	"EchoTime": 0.1,
	"RepetitionTime": 16,
	"FlipAngle": 90,
	"PhaseEncodingPolarityGE": "Unflipped",
	"CoilString": "8HRBRAIN",
	"PercentPhaseFOV": 100,
	"PercentSampling": 100,
	"AcquisitionMatrixPE": 128,
	"ReconMatrixPE": 128,
	"ParallelReductionFactorInPlane": 2,
	"EffectiveEchoSpacing": 0.000744,
	"TotalReadoutTime": 0.094488,
	"PixelBandwidth": 3906.25,
	"PhaseEncodingDirection": "j-",
	"ImageOrientationPatientDICOM": [
		1,
		-0,
		0,
		-0,
		0.978936,
		0.204165	],
	"InPlanePhaseEncodingDirectionDICOM": "COL",
	"ConversionSoftware": "dcm2niix",
	"ConversionSoftwareVersion": "v1.0.20201102"
}
